GIT
  remote: https://github.com/tjdett/ruby-oai.git
  revision: 1e76bfa7cdb988177410fea2e44d02a607edb059
  branch: next
  specs:
    oai (0.2.0)
      builder (>= 2.0.0)
      faraday
      faraday_middleware

PATH
  remote: .
  specs:
    miletus (0.0.1)

GEM
  remote: http://rubygems.org/
  specs:
    activemodel (3.2.6)
      activesupport (= 3.2.6)
      builder (~> 3.0.0)
    activerecord (3.2.6)
      activemodel (= 3.2.6)
      activesupport (= 3.2.6)
      arel (~> 3.0.2)
      tzinfo (~> 0.3.29)
    activerecord-postgresql-adapter (0.0.1)
      pg
    activesupport (3.2.6)
      i18n (~> 0.6)
      multi_json (~> 1.0)
    arel (3.0.2)
    builder (3.0.0)
    clockwork (0.4.0)
      tzinfo
    coderay (1.0.7)
    delayed_job (3.0.3)
      activesupport (~> 3.0)
    delayed_job_active_record (0.3.2)
      activerecord (> 2.1.0)
      delayed_job (~> 3.0.0)
    diff-lcs (1.1.3)
    faraday (0.8.1)
      multipart-post (~> 1.1)
    faraday_middleware (0.8.8)
      faraday (>= 0.7.4, < 0.9)
    foreman (0.48.0)
      thor (>= 0.13.6)
    i18n (0.6.0)
    libxml-ruby (2.3.3)
    method_source (0.7.1)
    multi_json (1.3.6)
    multipart-post (1.1.5)
    pg (0.14.0)
    pry (0.9.9.6)
      coderay (~> 1.0.5)
      method_source (~> 0.7.1)
      slop (>= 2.4.4, < 3)
    rake (0.9.2.2)
    rspec (2.10.0)
      rspec-core (~> 2.10.0)
      rspec-expectations (~> 2.10.0)
      rspec-mocks (~> 2.10.0)
    rspec-core (2.10.1)
    rspec-expectations (2.10.0)
      diff-lcs (~> 1.1.3)
    rspec-mocks (2.10.1)
    slop (2.4.4)
    sqlite3 (1.3.6)
    thor (0.15.4)
    tzinfo (0.3.33)

PLATFORMS
  ruby

DEPENDENCIES
  activerecord
  activerecord-postgresql-adapter
  clockwork
  delayed_job_active_record
  foreman
  libxml-ruby
  miletus!
  oai!
  pg
  pry
  rake
  rspec
  sqlite3
